NUGET
  remote: https://nuget.org/api/v2
  specs:
    FSharp.Management (0.3.0)
